GEM
  remote: https://rubygems.org/
  specs:
    builder (3.2.2)
    kramdown (1.2.0)
    rack (1.5.2)
    shotgun (0.9)
      rack (>= 1.0)
    statikaj (0.0.4)
      builder
      kramdown
      thor
    thor (0.18.1)

PLATFORMS
  ruby

DEPENDENCIES
  rack
  shotgun
  statikaj
